GIT
  remote: https://github.com/chicks/aes
  revision: 0503a8ff65487c3ea7272ead4f7071139b736d44
  specs:
    aes (0.5.1)

GEM
  remote: https://rubygems.org/
  specs:

PLATFORMS
  x86_64-linux

DEPENDENCIES
  aes!

BUNDLED WITH
   2.2.31
